GEM
  remote: http://rubygems.org/
  specs:
    git (1.2.5)
    github-markup (0.7.5)
    jeweler (1.8.4)
      bundler (~> 1.0)
      git (>= 1.2.5)
      rake
      rdoc
    json (1.7.7)
    rake (10.0.3)
    rdoc (3.12.1)
      json (~> 1.4)
    redcarpet (2.2.2)
    yard (0.8.4.1)

PLATFORMS
  ruby

DEPENDENCIES
  github-markup
  jeweler (~> 1.8.4)
  rake
  redcarpet
  yard
